NUGET
  remote: https://api.nuget.org/v3/index.json
    Ab3d.DXEngine (4.2.7655)
      SharpDX (>= 4.2) - restriction: || (>= net40) (>= netcoreapp3.1)
      SharpDX.Direct3D11 (>= 4.2) - restriction: || (>= net40) (>= netcoreapp3.1)
      SharpDX.DXGI (>= 4.2) - restriction: || (>= net40) (>= netcoreapp3.1)
      SharpDX.Mathematics (>= 4.2) - restriction: || (>= net40) (>= netcoreapp3.1)
    Ab3d.DXEngine.Wpf (4.2.7655)
      Ab3d.DXEngine (4.2.7655) - restriction: || (>= net40) (>= netcoreapp3.1)
      SharpDX (>= 4.2) - restriction: || (>= net40) (>= netcoreapp3.1)
      SharpDX.Direct3D11 (>= 4.2) - restriction: || (>= net40) (>= netcoreapp3.1)
      SharpDX.DXGI (>= 4.2) - restriction: || (>= net40) (>= netcoreapp3.1)
      SharpDX.Mathematics (>= 4.2) - restriction: || (>= net40) (>= netcoreapp3.1)
    Ab3d.PowerToys (9.4.7657)
    Ab3d.PowerToys.Input (9.4.7657)
      Ab3d.PowerToys (9.4.7657) - restriction: || (>= net40) (>= netcoreapp3.1)
    Microsoft.NETCore.Platforms (5.0) - restriction: >= netcoreapp3.1
    NETStandard.Library (2.0.3) - restriction: >= netcoreapp3.1
      Microsoft.NETCore.Platforms (>= 1.1) - restriction: || (&& (>= net45) (< netstandard1.3)) (&& (< net45) (>= netstandard1.1) (< netstandard1.2) (< win8)) (&& (< net45) (>= netstandard1.2) (< netstandard1.3) (< win8) (< wpa81)) (&& (< net45) (>= netstandard1.3) (< netstandard1.4) (< win8) (< wpa81)) (&& (< net45) (>= netstandard1.4) (< netstandard1.5) (< win8) (< wpa81)) (&& (< net45) (>= netstandard1.5) (< netstandard1.6) (< win8) (< wpa81)) (&& (< net45) (>= netstandard1.6) (< netstandard2.0) (< win8) (< wpa81)) (&& (< net45) (>= netstandard2.0)) (&& (>= net46) (< netstandard1.4)) (>= net461) (>= netcoreapp2.0) (&& (>= netstandard1.0) (< portable-net45+win8+wpa81)) (&& (< netstandard1.0) (>= portable-net45+win8) (< win8)) (&& (< netstandard1.0) (< portable-net45+win8) (>= portable-net45+win8+wpa81)) (&& (< netstandard1.0) (>= portable-net45+win8+wp8+wpa81) (< portable-net45+win8+wpa81)) (&& (< netstandard1.0) (>= win8)) (&& (< netstandard1.3) (< win8) (>= wpa81)) (&& (< netstandard1.5) (>= uap10.0)) (>= uap10.1) (>= wp8)
    SharpDX (4.2) - restriction: || (>= net40) (>= netcoreapp3.1)
      NETStandard.Library (>= 1.6.1) - restriction: && (< net40) (>= netstandard1.1) (< uap10.0)
    SharpDX.Direct3D11 (4.2) - restriction: || (>= net40) (>= netcoreapp3.1)
      NETStandard.Library (>= 1.6.1) - restriction: && (< net40) (>= netstandard1.1) (< uap10.0)
      SharpDX (>= 4.2) - restriction: || (&& (>= net40) (< netstandard1.1)) (&& (< net40) (>= netstandard1.1)) (>= net45) (>= uap10.0)
      SharpDX.DXGI (>= 4.2) - restriction: || (&& (>= net40) (< netstandard1.1)) (&& (< net40) (>= netstandard1.1)) (>= net45) (>= uap10.0)
    SharpDX.DXGI (4.2) - restriction: || (>= net40) (>= netcoreapp3.1)
      NETStandard.Library (>= 1.6.1) - restriction: && (< net40) (>= netstandard1.1) (< uap10.0)
      SharpDX (>= 4.2) - restriction: || (&& (>= net40) (< netstandard1.1)) (&& (< net40) (>= netstandard1.1)) (>= net45) (>= uap10.0)
    SharpDX.Mathematics (4.2) - restriction: || (>= net40) (>= netcoreapp3.1)
      NETStandard.Library (>= 1.6.1) - restriction: && (< net40) (>= netstandard1.1) (< uap10.0)
      SharpDX (>= 4.2) - restriction: || (&& (>= net40) (< netstandard1.1)) (&& (< net40) (>= netstandard1.1)) (>= net45) (>= uap10.0)
